GEM
  remote: https://rubygems.org/
  specs:
    commander (4.2.0)
      highline (~> 1.6.11)
    highline (1.6.21)
    houston (2.1.0)
      commander (~> 4.1)
      json
    json (1.8.1)

PLATFORMS
  ruby

DEPENDENCIES
  houston
